GEM
  remote: https://rubygems.org/
  specs:
    Rwebserver (0.0.3)
    evernote (1.2.1)
      thrift_client (>= 0.8.1)
    haml (3.1.7)
    jt-partial (1.0.1)
    moode-haml-jqm (0.0.1)
    moode-haml-toolkit (1.0.4)
    thor (0.18.1)
    thrift (0.9.0)
    thrift_client (0.9.2)
      thrift (~> 0.9.0)

PLATFORMS
  ruby

DEPENDENCIES
  Rwebserver
  evernote
  haml
  jt-partial (= 1.0.1)
  moode-haml-jqm
  moode-haml-toolkit (= 1.0.4)
  thor
